PATH
  remote: .
  specs:
    bpm (0.1.3)
      gemcutter (~> 0.6.1)
      highline (~> 1.6.1)
      hike (~> 1.1)
      json_pure (~> 1.4.6)
      libgems (~> 0.0.2)
      rack (~> 1.0)
      therubyracer (~> 0.9.2)
      thor (~> 0.14.3)
      tilt (~> 1.1, != 1.3.0)

GEM
  remote: http://rubygems.org/
  specs:
    diff-lcs (1.1.2)
    gemcutter (0.6.1)
    highline (1.6.2)
    hike (1.1.0)
    json_pure (1.4.6)
    libgems (0.0.4)
    libv8 (3.3.10.2)
    rack (1.2.3)
    rspec (2.6.0)
      rspec-core (~> 2.6.0)
      rspec-expectations (~> 2.6.0)
      rspec-mocks (~> 2.6.0)
    rspec-core (2.6.4)
    rspec-expectations (2.6.0)
      diff-lcs (~> 1.1.2)
    rspec-mocks (2.6.0)
    therubyracer (0.9.2)
      libv8 (~> 3.3.10)
    thor (0.14.6)
    tilt (1.3.2)

PLATFORMS
  ruby

DEPENDENCIES
  bpm!
  rack (~> 1.2.1)
  rspec
