GIT
  remote: git://github.com/sproutcore/spade-ruby
  revision: 73ba88cf692505a4bbbdae51d4a994319a70c27e
  specs:
    spade (0.1.0.1)
      childlabor (~> 0.0.3)
      eventmachine (~> 0.12.10)
      json_pure (~> 1.4.6)
      rack (~> 1.2.1)
      therubyracer (~> 0.9.0)
      thor (~> 0.14.3)

PATH
  remote: .
  specs:
    bpm (0.1.0)
      gemcutter (~> 0.6.1)
      highline (~> 1.6.1)
      json_pure (~> 1.4.6)
      libgems (~> 0.0.2)
      spade
      thor (~> 0.14.3)

GEM
  remote: http://rubygems.org/
  specs:
    childlabor (0.0.3)
    diff-lcs (1.1.2)
    eventmachine (0.12.10)
    gemcutter (0.6.1)
    highline (1.6.2)
    json_pure (1.4.6)
    libgems (0.0.4)
    libv8 (3.3.10.2)
    rack (1.2.3)
    rspec (2.6.0)
      rspec-core (~> 2.6.0)
      rspec-expectations (~> 2.6.0)
      rspec-mocks (~> 2.6.0)
    rspec-core (2.6.4)
    rspec-expectations (2.6.0)
      diff-lcs (~> 1.1.2)
    rspec-mocks (2.6.0)
    therubyracer (0.9.2)
      libv8 (~> 3.3.10)
    thor (0.14.6)

PLATFORMS
  ruby

DEPENDENCIES
  bpm!
  rack (~> 1.2.1)
  rspec
  spade!
